GEM
  remote: https://rubygems.org/
  specs:
    ffi (1.15.5)
    mini_portile2 (2.8.4)
    rake (13.0.6)
    rdkafka (0.13.0)
      ffi (~> 1.15)
      mini_portile2 (~> 2.6)
      rake (> 12)

PLATFORMS
  x86_64-linux

DEPENDENCIES
  rdkafka

BUNDLED WITH
   2.3.26
